PATH
  remote: .
  specs:
    rstrie (0.1.0)
      helix_runtime (= 0.7.2)
      rake (~> 10.0)

GEM
  remote: https://rubygems.org/
  specs:
    benchmark-ips (2.7.2)
    diff-lcs (1.3)
    fast_trie (0.5.1)
    helix_runtime (0.7.2)
      rake (>= 10.0)
      thor (~> 0.19.4)
      tomlrb (~> 1.2.4)
    rake (10.5.0)
    rspec (3.7.0)
      rspec-core (~> 3.7.0)
      rspec-expectations (~> 3.7.0)
      rspec-mocks (~> 3.7.0)
    rspec-core (3.7.0)
      rspec-support (~> 3.7.0)
    rspec-expectations (3.7.0)
      diff-lcs (>= 1.2.0, < 2.0)
      rspec-support (~> 3.7.0)
    rspec-mocks (3.7.0)
      diff-lcs (>= 1.2.0, < 2.0)
      rspec-support (~> 3.7.0)
    rspec-support (3.7.0)
    thor (0.19.4)
    tomlrb (1.2.6)

PLATFORMS
  ruby

DEPENDENCIES
  benchmark-ips (~> 2.7)
  bundler (~> 1.16)
  fast_trie (~> 0.5.0)
  rspec (~> 3.0)
  rstrie!

BUNDLED WITH
   1.16.0
